PATH
  remote: .
  specs:
    podcast_feed_generator (0.1.0)

GEM
  remote: https://rubygems.org/
  specs:
    ansi (1.5.0)
    builder (3.2.4)
    coveralls (0.8.23)
      json (>= 1.8, < 3)
      simplecov (~> 0.16.1)
      term-ansicolor (~> 1.3)
      thor (>= 0.19.4, < 2.0)
      tins (~> 1.6)
    docile (1.3.4)
    json (2.5.1)
    minitest (5.14.2)
    minitest-reporters (1.4.2)
      ansi
      builder
      minitest (>= 5.0)
      ruby-progressbar
    nokogiri (1.11.0-x86_64-darwin)
      racc (~> 1.4)
    racc (1.5.2)
    rake (10.5.0)
    ruby-progressbar (1.11.0)
    simplecov (0.16.1)
      docile (~> 1.1)
      json (>= 1.8, < 3)
      simplecov-html (~> 0.10.0)
    simplecov-html (0.10.2)
    sync (0.5.0)
    term-ansicolor (1.7.1)
      tins (~> 1.0)
    thor (1.0.1)
    tins (1.26.0)
      sync

PLATFORMS
  x86_64-darwin-18

DEPENDENCIES
  bundler (~> 2.0)
  coveralls
  minitest (~> 5.0)
  minitest-reporters
  nokogiri
  podcast_feed_generator!
  rake (~> 10.0)

BUNDLED WITH
   2.2.4
